GEM
  remote: http://rubygems.org/
  specs:
    chronic (0.6.6)
    git (1.2.5)
    jeweler (1.5.2)
      bundler (~> 1.0.0)
      git (>= 1.2.5)
      rake
    json (1.6.1)
    keystorage (0.4.7)
    mechanize (1.0.0)
      nokogiri (>= 1.2.1)
    metaclass (0.0.1)
    mocha (0.10.0)
      metaclass (~> 0.0.1)
    nokogiri (1.5.0)
    rake (0.9.2)
    rcov (0.9.11)
    shoulda (2.11.3)

PLATFORMS
  ruby

DEPENDENCIES
  bundler (~> 1.0.0)
  chronic
  jeweler (~> 1.5.2)
  json
  keystorage
  mechanize (= 1.0.0)
  mocha
  rcov
  shoulda
